GIT
  remote: https://github.com/andarcabrera/ttt_gem.git
  revision: 460dd4697b623d0f9a6231bbba701551a7378625
  specs:
    ttt (0.0.0)

GEM
  remote: https://rubygems.org/
  specs:
    colorize (0.7.7)
    diff-lcs (1.2.5)
    docile (1.1.5)
    json (1.8.3)
    pg (0.18.4)
    rake (10.5.0)
    rspec (3.4.0)
      rspec-core (~> 3.4.0)
      rspec-expectations (~> 3.4.0)
      rspec-mocks (~> 3.4.0)
    rspec-core (3.4.2)
      rspec-support (~> 3.4.0)
    rspec-expectations (3.4.0)
      diff-lcs (>= 1.2.0, < 2.0)
      rspec-support (~> 3.4.0)
    rspec-mocks (3.4.1)
      diff-lcs (>= 1.2.0, < 2.0)
      rspec-support (~> 3.4.0)
    rspec-support (3.4.1)
    sequel (4.31.0)
    simplecov (0.11.1)
      docile (~> 1.1.0)
      json (~> 1.8)
      simplecov-html (~> 0.10.0)
    simplecov-html (0.10.0)
    ttt_db (0.0.0)

PLATFORMS
  ruby

DEPENDENCIES
  colorize
  pg
  rake
  rspec
  sequel
  simplecov
  ttt!
  ttt_db

BUNDLED WITH
   1.11.2
